GEM
  remote: https://rubygems.org/
  specs:
    git (1.2.5)
    rake (10.0.4)

PLATFORMS
  ruby

DEPENDENCIES
  git
  rake
